GEM
  remote: https://rubygems.org/
  specs:
    cinch (2.1.0)
    json (1.8.1)

PLATFORMS
  ruby
  x64-mingw32

DEPENDENCIES
  cinch
  json
